GEM
  remote: https://rubygems.org/
  specs:
    activesupport (5.0.1)
      concurrent-ruby (~> 1.0, >= 1.0.2)
      i18n (~> 0.7)
      minitest (~> 5.1)
      tzinfo (~> 1.1)
    concurrent-ruby (1.0.4)
    httparty (0.14.0)
      multi_xml (>= 0.5.2)
    i18n (0.8.1)
    minitest (5.10.1)
    multi_xml (0.6.0)
    puma (3.4.0)
    rack (1.6.5)
    rack-protection (1.5.3)
      rack
    shotgun (0.9.2)
      rack (>= 1.0)
    sinatra (1.4.8)
      rack (~> 1.5)
      rack-protection (~> 1.4)
      tilt (>= 1.3, < 3)
    thread_safe (0.3.6)
    tilt (2.0.6)
    tzinfo (1.2.2)
      thread_safe (~> 0.1)

PLATFORMS
  ruby

DEPENDENCIES
  activesupport (~> 5.0.1)
  httparty (~> 0.14.0)
  puma (~> 3.4.0)
  shotgun
  sinatra (~> 1.4.8)

BUNDLED WITH
   1.13.7
